PATH
  remote: .
  specs:
    rough_diary (0.1.0)

GEM
  remote: https://rubygems.org/
  specs:
    date (3.4.1)
    debug (1.9.2)
      irb (~> 1.10)
      reline (>= 0.3.8)
    diff-lcs (1.5.1)
    io-console (0.8.0)
    irb (1.15.1)
      pp (>= 0.6.0)
      rdoc (>= 4.0.0)
      reline (>= 0.4.2)
    mini_portile2 (2.8.8)
    minitest (5.25.4)
    mutex_m (0.2.0)
    pp (0.6.2)
      prettyprint
    prettyprint (0.2.0)
    psych (5.2.3)
      date
      stringio
    rake (13.2.1)
    rdoc (6.11.0)
      psych (>= 4.0.0)
    reline (0.6.0)
      io-console (~> 0.5)
    sqlite3 (2.0.4)
      mini_portile2 (~> 2.8.0)
    stringio (3.1.2)

PLATFORMS
  arm64-darwin-24
  ruby

DEPENDENCIES
  debug (~> 1.9.1)
  diff-lcs (~> 1.5)
  minitest (~> 5.25)
  mutex_m (~> 0.2.0)
  rake (~> 13.0)
  rough_diary!
  sqlite3 (~> 2.0.1)

BUNDLED WITH
   2.6.3
