PATH
  remote: .
  specs:
    rough_diary (0.1.0)

GEM
  remote: https://rubygems.org/
  specs:
    mini_portile2 (2.8.7)
    minitest (5.20.0)
    mutex_m (0.2.0)
    rake (13.1.0)
    sqlite3 (2.0.3)
      mini_portile2 (~> 2.8.0)
    sqlite3 (2.0.3-x86_64-darwin)

PLATFORMS
  ruby
  x86_64-darwin-23

DEPENDENCIES
  minitest (~> 5.20)
  mutex_m (~> 0.2.0)
  rake (~> 13.0)
  rough_diary!
  sqlite3 (~> 2.0.1)

BUNDLED WITH
   2.5.10
