PATH
  remote: .
  specs:
    rough_diary (0.1.0)

GEM
  remote: https://rubygems.org/
  specs:
    debug (1.9.1)
      irb (~> 1.10)
      reline (>= 0.3.8)
    io-console (0.7.1)
    irb (1.11.0)
      rdoc
      reline (>= 0.3.8)
    mini_portile2 (2.8.7)
    minitest (5.20.0)
    mutex_m (0.2.0)
    psych (5.1.2)
      stringio
    rake (13.1.0)
    rdoc (6.6.2)
      psych (>= 4.0.0)
    reline (0.4.1)
      io-console (~> 0.5)
    sqlite3 (2.0.3)
      mini_portile2 (~> 2.8.0)
    sqlite3 (2.0.3-x86_64-darwin)
    stringio (3.1.0)

PLATFORMS
  ruby
  x86_64-darwin-23

DEPENDENCIES
  debug (~> 1.9.1)
  minitest (~> 5.20)
  mutex_m (~> 0.2.0)
  rake (~> 13.0)
  rough_diary!
  sqlite3 (~> 2.0.1)

BUNDLED WITH
   2.5.10
